GEM
  remote: https://rubygems.org/
  specs:
    eventmachine (1.2.7)
    websocket (1.2.9)
    websocket-eventmachine-base (1.2.0)
      eventmachine (~> 1.0)
      websocket (~> 1.0)
      websocket-native (~> 1.0)
    websocket-eventmachine-server (1.0.1)
      websocket-eventmachine-base (~> 1.0)
    websocket-native (1.0.0)

PLATFORMS
  arm64-darwin-20

DEPENDENCIES
  websocket-eventmachine-server

BUNDLED WITH
   2.2.11
